GEM
  remote: http://rubygems.org/
  specs:
    rubyzip (1.3.0)

PLATFORMS
  ruby

DEPENDENCIES
  rubyzip (< 2.0.0)

BUNDLED WITH
   1.10.6
